PATH
  remote: .
  specs:
    modulation (1.0.1)

GEM
  remote: https://rubygems.org/
  specs:
    minitest (5.11.3)
    rake (13.0.1)
    redis (4.0.1)

PLATFORMS
  ruby

DEPENDENCIES
  bundler
  minitest (= 5.11.3)
  modulation!
  rake
  redis (= 4.0.1)

BUNDLED WITH
   1.17.3
